GEM
  remote: https://rubygems.org/
  specs:
    blake3 (0.1.3)
      helix_runtime (= 0.7.5)
    helix_runtime (0.7.5)
      rake (>= 10.0)
      thor (>= 0.19.4, < 2.0)
      tomlrb (~> 1.2.4)
    msgpack (1.2.4)
    mysql2 (0.5.2)
    pg (1.1.3)
    power_assert (1.1.3)
    rake (13.0.1)
    ruby-xxHash (0.4.0.1)
    test-unit (3.2.8)
      power_assert
    thor (1.0.1)
    tomlrb (1.2.9)

PLATFORMS
  ruby

DEPENDENCIES
  blake3
  msgpack
  mysql2
  pg
  ruby-xxHash
  test-unit

BUNDLED WITH
   1.16.4
