GEM
  remote: https://rubygems.org/
  specs:
    digest-blake3 (0.22.1)
    msgpack (1.2.4)
    mysql2 (0.5.2)
    pg (1.1.3)
    power_assert (1.1.6)
    ruby-xxHash (0.4.0.1)
    test-unit (3.3.5)
      power_assert

PLATFORMS
  ruby

DEPENDENCIES
  digest-blake3
  msgpack
  mysql2
  pg
  ruby-xxHash
  test-unit

BUNDLED WITH
   1.17.3
